GEM
  remote: https://rubygems.org/
  specs:
    pg (1.5.4)

PLATFORMS
  arm64-darwin-23
  ruby

DEPENDENCIES
  pg

RUBY VERSION
   ruby 3.2.2p53

BUNDLED WITH
   2.5.4
